REDIRECTS: ON
COPY-CONTENT-TO-OUTPUT-DIR: ALWAYS
CONTENT: ONCE
RESTRICTION: == net471
NUGET
  remote: https://api.nuget.org/v3/index.json
    Castle.Core (4.3.1)
    DataAnnotationsValidator (2.1)
    FluentAssertions (5.5.3)
    Gigya.ServiceContract (2.6)
      Newtonsoft.Json (>= 9.0.1)
    Metrics.NET (0.5.5)
    Microsoft.Bcl (1.1.10)
      Microsoft.Bcl.Build (>= 1.0.14)
    Microsoft.Bcl.Async (1.0.168)
      Microsoft.Bcl (>= 1.1.8)
    Microsoft.Bcl.Build (1.0.21) - import_targets: false
    Microsoft.CodeAnalysis.Analyzers (2.6.2)
    Microsoft.CodeAnalysis.Common (1.3.2)
      Microsoft.CodeAnalysis.Analyzers (>= 1.1)
      System.AppContext (>= 4.1)
      System.Collections (>= 4.0.11)
      System.Collections.Concurrent (>= 4.0.12)
      System.Collections.Immutable (>= 1.2)
      System.Console (>= 4.0)
      System.Diagnostics.Debug (>= 4.0.11)
      System.Diagnostics.FileVersionInfo (>= 4.0)
      System.Diagnostics.StackTrace (>= 4.0.1)
      System.Diagnostics.Tools (>= 4.0.1)
      System.Dynamic.Runtime (>= 4.0.11)
      System.Globalization (>= 4.0.11)
      System.IO.FileSystem (>= 4.0.1)
      System.IO.FileSystem.Primitives (>= 4.0.1)
      System.Linq (>= 4.1)
      System.Linq.Expressions (>= 4.1)
      System.Reflection (>= 4.1)
      System.Reflection.Metadata (>= 1.3)
      System.Reflection.Primitives (>= 4.0.1)
      System.Resources.ResourceManager (>= 4.0.1)
      System.Runtime (>= 4.1)
      System.Runtime.Extensions (>= 4.1)
      System.Runtime.Handles (>= 4.0.1)
      System.Runtime.InteropServices (>= 4.1)
      System.Runtime.Numerics (>= 4.0.1)
      System.Security.Cryptography.Algorithms (>= 4.2)
      System.Security.Cryptography.Encoding (>= 4.0)
      System.Security.Cryptography.X509Certificates (>= 4.1)
      System.Text.Encoding (>= 4.0.11)
      System.Text.Encoding.CodePages (>= 4.0.1)
      System.Text.Encoding.Extensions (>= 4.0.11)
      System.Threading (>= 4.0.11)
      System.Threading.Tasks (>= 4.0.11)
      System.Threading.Tasks.Parallel (>= 4.0.1)
      System.Threading.Thread (>= 4.0)
      System.Xml.ReaderWriter (>= 4.0.11)
      System.Xml.XDocument (>= 4.0.11)
      System.Xml.XmlDocument (>= 4.0.1)
      System.Xml.XPath.XDocument (>= 4.0.1)
    Microsoft.CodeAnalysis.CSharp (1.3.2)
      Microsoft.CodeAnalysis.Common (1.3.2)
    Microsoft.Extensions.DependencyInjection (1.1.1)
      Microsoft.Extensions.DependencyInjection.Abstractions (>= 1.1.1)
      NETStandard.Library (>= 1.6.1)
    Microsoft.Extensions.DependencyInjection.Abstractions (1.1.1)
      NETStandard.Library (>= 1.6.1)
      System.ComponentModel (>= 4.3)
    Microsoft.NETCore.Platforms (2.1.2)
    Microsoft.Orleans.Core (1.3.1)
      Newtonsoft.Json (>= 7.0.1)
      System.Collections.Immutable (>= 1.1.37)
    Microsoft.Orleans.OrleansCodeGenerator (1.3.1)
      Microsoft.CodeAnalysis.CSharp (>= 1.3.2)
      Microsoft.Orleans.Core (>= 1.3.1)
    Microsoft.Orleans.OrleansCodeGenerator.Build (1.3.1)
      Microsoft.Orleans.Core (>= 1.3.1)
    Microsoft.Orleans.OrleansProviders (1.3.1)
      Microsoft.Orleans.Core (>= 1.3.1)
    Microsoft.Orleans.OrleansRuntime (1.3.1)
      Microsoft.Extensions.DependencyInjection (>= 1.0)
      Microsoft.Extensions.DependencyInjection.Abstractions (>= 1.0)
      Microsoft.Orleans.Core (>= 1.3.1)
    Microsoft.Orleans.OrleansSqlUtils (1.3.1)
      Microsoft.Orleans.Core (>= 1.3.1)
      Newtonsoft.Json (>= 7.0.1)
    Microsoft.Orleans.OrleansZooKeeperUtils (1.3.1)
      Microsoft.Orleans.Core (>= 1.3.1)
      Microsoft.Orleans.OrleansRuntime (>= 1.3.1)
      ZooKeeperNetEx (>= 3.4.8.5)
    Microsoft.Orleans.TestingHost (1.3.1)
      Microsoft.Orleans.Core (>= 1.3.1)
      Microsoft.Orleans.OrleansProviders (>= 1.3.1)
      Microsoft.Orleans.OrleansRuntime (>= 1.3.1)
    NETStandard.Library (2.0.3)
      Microsoft.NETCore.Platforms (>= 1.1)
    Newtonsoft.Json (9.0.1)
    Ninject (3.3.4)
    Ninject.Extensions.Conventions (3.3)
      Ninject.Extensions.Factory (>= 3.3.2)
    Ninject.Extensions.Factory (3.3.2)
      Castle.Core (>= 4.2)
      Ninject (>= 3.3.3)
    Nito.AsyncEx (4.0.1)
      Microsoft.Bcl (>= 1.1.10)
      Microsoft.Bcl.Async (>= 1.0.168)
      Microsoft.Bcl.Build (>= 1.0.21)
    NLog (4.5.11)
    NSubstitute (3.1)
      Castle.Core (>= 4.2)
      System.Threading.Tasks.Extensions (>= 4.3)
    Nuget.CommandLine (4.7.1)
    NUnit (3.11)
    RichardSzalay.MockHttp (5.0)
    Shouldly (3.0.2)
    System.AppContext (4.3)
    System.Collections (4.3)
    System.Collections.Concurrent (4.3)
    System.Collections.Immutable (1.5)
    System.ComponentModel (4.3)
    System.ComponentModel.Annotations (4.5)
    System.Console (4.3.1)
    System.Diagnostics.Debug (4.3)
    System.Diagnostics.FileVersionInfo (4.3) - redirects: off
    System.Diagnostics.StackTrace (4.3)
    System.Diagnostics.Tools (4.3)
    System.Dynamic.Runtime (4.3)
    System.Globalization (4.3)
    System.IO (4.3) - redirects: off
    System.IO.Compression (4.3) - redirects: off
    System.IO.FileSystem (4.3) - redirects: off
      System.IO.FileSystem.Primitives (>= 4.3)
    System.IO.FileSystem.Primitives (4.3) - redirects: off
    System.Linq (4.3) - redirects: off
    System.Linq.Expressions (4.3) - redirects: off
    System.Net.Http (4.3.4) - redirects: off
      System.Security.Cryptography.X509Certificates (>= 4.3)
    System.Reflection (4.3) - redirects: off
    System.Reflection.Metadata (1.6)
      System.Collections.Immutable (>= 1.5)
    System.Reflection.Primitives (4.3)
    System.Resources.ResourceManager (4.3)
    System.Runtime (4.3) - redirects: off
    System.Runtime.CompilerServices.Unsafe (4.5.2) - redirects: off
    System.Runtime.Extensions (4.3) - redirects: off
    System.Runtime.Handles (4.3)
    System.Runtime.InteropServices (4.3) - redirects: off
      System.Runtime (>= 4.3)
    System.Runtime.Numerics (4.3)
    System.Security.Cryptography.Algorithms (4.3.1) - redirects: off
      System.IO (>= 4.3)
      System.Runtime (>= 4.3)
      System.Security.Cryptography.Encoding (>= 4.3)
      System.Security.Cryptography.Primitives (>= 4.3)
    System.Security.Cryptography.Encoding (4.3) - redirects: off
    System.Security.Cryptography.Primitives (4.3) - redirects: off
    System.Security.Cryptography.X509Certificates (4.3.2) - redirects: off
      System.Security.Cryptography.Algorithms (>= 4.3)
      System.Security.Cryptography.Encoding (>= 4.3)
    System.Text.Encoding (4.3)
    System.Text.Encoding.CodePages (4.5) - redirects: off
      System.Runtime.CompilerServices.Unsafe (>= 4.5)
    System.Text.Encoding.Extensions (4.3)
    System.Threading (4.3)
    System.Threading.Tasks (4.3)
    System.Threading.Tasks.Dataflow (4.9)
    System.Threading.Tasks.Extensions (4.5.1) - redirects: off
      System.Runtime.CompilerServices.Unsafe (>= 4.5)
    System.Threading.Tasks.Parallel (4.3)
    System.Threading.Thread (4.3)
    System.ValueTuple (4.5)
    System.Xml.ReaderWriter (4.3.1)
    System.Xml.XDocument (4.3)
    System.Xml.XmlDocument (4.3)
    System.Xml.XPath (4.3) - redirects: off
    System.Xml.XPath.XDocument (4.3) - redirects: off
      System.Xml.XPath (>= 4.3)
    ZooKeeperNetEx (3.4.12)
